NUGET
  remote: https://nuget.org/api/v2
  specs:
    SlimDX (4.0.13.44)
