NUGET
  remote: https://nuget.org/api/v2
  specs:
    FsUnit (1.3.1)
      NUnit (2.6.4)
    NUnit (2.6.4)
    SlimDX (4.0.13.44)
